GEM
  remote: http://rubygems.org/
  specs:
    chunky_png (1.2.5)
    coderay (0.8.357)
    coffee-script (2.2.0)
      coffee-script-source
      execjs
    coffee-script-source (1.2.0)
    compass (0.11.6)
      chunky_png (~> 1.2)
      fssm (>= 0.2.7)
      sass (~> 3.1)
    configuration (1.3.1)
    daemons (1.1.5)
    eventmachine (0.12.10)
    execjs (1.2.13)
      multi_json (~> 1.0)
    ffi (1.0.11)
    fssm (0.2.7)
    growl (1.0.3)
    guard (0.9.3)
      ffi (>= 0.5.0)
      thor (~> 0.14.6)
    guard-coffeescript (0.5.4)
      coffee-script (>= 2.2.0)
      guard (>= 0.8.3)
    guard-compass (0.0.6)
      compass (>= 0.10.5)
      guard (>= 0.2.1)
    heel (2.0.0)
      coderay (~> 0.8.260)
      launchy (~> 0.3.2)
      mime-types (~> 1.16)
      thin (~> 1.2.0)
    launchy (0.3.7)
      configuration (>= 0.0.5)
      rake (>= 0.8.1)
    mime-types (1.17.2)
    multi_json (1.0.4)
    rack (1.3.5)
    rake (0.9.2.2)
    rb-readline (0.4.2)
    sass (3.1.12)
    thin (1.2.11)
      daemons (>= 1.0.9)
      eventmachine (>= 0.12.6)
      rack (>= 1.0.0)
    thor (0.14.6)

PLATFORMS
  ruby

DEPENDENCIES
  compass (~> 0.11.0)
  growl
  guard
  guard-coffeescript
  guard-compass
  heel (~> 2.0.0)
  rb-readline
